PATH
  remote: .
  specs:
    xls-split (0.2)
      spreadsheet (>= 0.6.4.1)

GEM
  remote: http://rubygems.org/
  specs:
    ruby-ole (1.2.11.7)
    spreadsheet (0.9.6)
      ruby-ole (>= 1.0)

PLATFORMS
  ruby

DEPENDENCIES
  xls-split!
